GEM
  remote: http://rubygems.org/
  specs:
    racc (1.4.10)
    rake (10.1.0)

PLATFORMS
  ruby

DEPENDENCIES
  racc
  rake
